GEM
  remote: https://rubygems.org/
  specs:
    slop (4.8.0)

PLATFORMS
  ruby

DEPENDENCIES
  slop

BUNDLED WITH
   2.0.2
